GEM
  remote: http://rubygems.org/
  specs:
    event_emitter (0.2.5)
    rack (1.6.4)
    rack-protection (1.5.3)
      rack
    sinatra (1.4.6)
      rack (~> 1.4)
      rack-protection (~> 1.4)
      tilt (>= 1.3, < 3)
    tilt (1.4.1)
    websocket (1.2.2)
    websocket-client-simple (0.2.2)
      event_emitter
      websocket

PLATFORMS
  ruby

DEPENDENCIES
  sinatra
  websocket-client-simple

BUNDLED WITH
   1.10.6
